PATH
  remote: .
  specs:
    gon-sinatra (0.1.0)
      sinatra

GEM
  remote: http://rubygems.org/
  specs:
    activesupport (3.1.3)
      multi_json (~> 1.0)
    diff-lcs (1.1.3)
    i18n (0.6.0)
    json (1.6.4)
    multi_json (1.0.4)
    rabl (0.5.3)
      activesupport (>= 2.3.14)
      multi_json (~> 1.0.3)
    rack (1.4.1)
    rack-protection (1.2.0)
      rack
    rake (0.9.2.2)
    rspec (2.8.0)
      rspec-core (~> 2.8.0)
      rspec-expectations (~> 2.8.0)
      rspec-mocks (~> 2.8.0)
    rspec-core (2.8.0)
    rspec-expectations (2.8.0)
      diff-lcs (~> 1.1.2)
    rspec-mocks (2.8.0)
    sinatra (1.3.2)
      rack (~> 1.3, >= 1.3.6)
      rack-protection (~> 1.2)
      tilt (~> 1.3, >= 1.3.3)
    tilt (1.3.3)

PLATFORMS
  ruby

DEPENDENCIES
  gon-sinatra!
  i18n
  json
  rabl
  rake
  rspec
